PATH
  remote: .
  specs:
    git_cli (0.11.2)
      gvcs
      ptools (~> 1.4.0)
      teLogger
      toolrack

GEM
  remote: https://rubygems.org/
  specs:
    gem-release (2.2.2)
    gvcs (0.1.1)
    minitest (5.17.0)
    ptools (1.4.3)
    rake (12.3.3)
    teLogger (0.2.2)
    toolrack (0.21.0)

PLATFORMS
  x86_64-linux

DEPENDENCIES
  gem-release
  git_cli!
  minitest (~> 5.0)
  rake (~> 12.0)

BUNDLED WITH
   2.2.28
