PATH
  remote: .
  specs:
    git_cli (0.12.0)
      ptools (~> 1.4.0)
      teLogger
      toolrack

GEM
  remote: https://rubygems.org/
  specs:
    colorize (0.8.1)
    gvcs (0.1.2)
    minitest (5.18.0)
    pastel (0.8.0)
      tty-color (~> 0.5)
    ptools (1.4.3)
    rake (12.3.3)
    release-gem (0.1.19)
      colorize
      git_cli
      gvcs
      teLogger
      toolrack
      tty-command
      tty-prompt
    teLogger (0.2.2)
    toolrack (0.22.1)
    tty-color (0.6.0)
    tty-command (0.10.1)
      pastel (~> 0.8)
    tty-cursor (0.7.1)
    tty-prompt (0.23.1)
      pastel (~> 0.8)
      tty-reader (~> 0.8)
    tty-reader (0.9.0)
      tty-cursor (~> 0.7)
      tty-screen (~> 0.8)
      wisper (~> 2.0)
    tty-screen (0.8.1)
    wisper (2.0.1)

PLATFORMS
  x86_64-linux

DEPENDENCIES
  git_cli!
  minitest (~> 5.0)
  rake (~> 12.0)
  release-gem

BUNDLED WITH
   2.2.28
